GEM
  remote: https://rubygems.org/
  specs:
    rouge (1.10.1)
    semver2 (3.4.2)
    xcpretty (0.2.2)
      rouge (~> 1.8)

PLATFORMS
  ruby

DEPENDENCIES
  semver2
  xcpretty

BUNDLED WITH
   1.10.6
